GEM
  remote: http://rubygems.org/
  specs:
    bourbon (3.0.1)
      sass (>= 3.2.0)
      thor
    coffee-script (2.2.0)
      coffee-script-source
      execjs
    coffee-script-source (1.4.0)
    commonjs (0.2.6)
    daemons (1.1.9)
    eventmachine (1.0.0)
    execjs (1.4.0)
      multi_json (~> 1.0)
    haml (3.1.7)
    hominid (3.0.2)
    less (2.2.2)
      commonjs (~> 0.2.6)
    libv8 (3.3.10.4)
    multi_json (1.3.7)
    rack (1.4.1)
    rack-google-analytics (0.9.2)
    rack-protection (1.1.4)
      rack
    sass (3.2.3)
    sinatra (1.3.1)
      rack (~> 1.3, >= 1.3.4)
      rack-protection (~> 1.1, >= 1.1.2)
      tilt (~> 1.3, >= 1.3.3)
    therubyracer (0.10.2)
      libv8 (~> 3.3.10)
    thin (1.5.0)
      daemons (>= 1.0.9)
      eventmachine (>= 0.12.6)
      rack (>= 1.0.0)
    thor (0.16.0)
    tilt (1.3.3)

PLATFORMS
  ruby

DEPENDENCIES
  bourbon
  coffee-script
  haml
  hominid
  less
  rack (~> 1.4.1)
  rack-google-analytics
  sass
  sinatra
  therubyracer
  thin
